{
	"TaskName": "p300",
	"Manufacturer": "Brain Products",
	"PowerLineFrequency": 50.0,
	"SamplingFrequency": 1000.0,
	"SoftwareFilters": "n/a",
	"RecordingDuration": 177.473,
	"RecordingType": "continuous",
	"EEGReference": "nose",
	"EEGGround": "n/a",
	"EEGPlacementScheme": "extended 10-20",
	"EEGChannelCount": 31,
	"EOGChannelCount": 0,
	"ECGChannelCount": 0,
	"EMGChannelCount": 0,
	"TriggerChannelCount": 0,
	"ManufacturersModelName": "BrainAmp DC",
	"SoftwareVersions": "BBCI toolbox",
	"CapManufacturer": "EasyCap",
	"HardwareFilters": "n/a",
	"TaskDescription": "Visual ERP copy-spelling task using a modified 6x6 grid extended with 10 # symbols as visual blanks, using flexible highlighting scheme with two interleaved sequences to enable unsupervised learning methods (EM, LLP, MIX) Trial duration: 17.0s, ISI: 150.0ms, SOA: 250.0ms.",
	"Instructions": "copy-spelling task - spell German sentence 'Franzy jagt im Taxi quer durch das'",
	"CogAtlasID": "https://www.cognitiveatlas.org/task/id/tsk_GxjZBNiJorj1K/",
	"InstitutionName": "University of Freiburg",
	"InstitutionAddress": "Brain State Decoding Lab, University of Freiburg, Freiburg, GERMANY",
	"InstitutionalDepartmentName": "Brain State Decoding Lab",
	"CapManufacturersModelName": "n/a",
	"SubjectArtefactDescription": "Impedance kept below 20.0 kOhm",
	"DeviceSerialNumber": "n/a",
	"Description": "EEG recording.",
	"MISCChannelCount": 0
}